GEM
  remote: https://rubygems.org/
  specs:
    cliver (0.3.2)
    coderay (1.1.0)
    method_source (0.8.2)
    pdf-forms (0.6.1)
      cliver (~> 0.3.2)
      safe_shell (~> 1.0)
    pry (0.10.1)
      coderay (~> 1.1.0)
      method_source (~> 0.8.1)
      slop (~> 3.4)
    rack (1.6.4)
    rack-protection (1.5.3)
      rack
    safe_shell (1.0.2)
    sinatra (1.4.6)
      rack (~> 1.4)
      rack-protection (~> 1.4)
      tilt (>= 1.3, < 3)
    sinatra-cross_origin (0.3.2)
    slop (3.6.0)
    tilt (2.0.1)

PLATFORMS
  ruby

DEPENDENCIES
  cliver
  pdf-forms
  pry
  sinatra
  sinatra-cross_origin (~> 0.3.1)

BUNDLED WITH
   1.10.4
